GEM
  remote: https://rubygems.org/
  specs:
    minitest (5.8.0)

PLATFORMS
  x64-mingw32

DEPENDENCIES
  minitest

BUNDLED WITH
   1.10.5
